GEM
  remote: https://rubygems.org/
  specs:
    ffi (1.13.1)

PLATFORMS
  ruby

DEPENDENCIES
  ffi!

BUNDLED WITH
   1.17.3
